GEM
  remote: http://rubygems.org/
  specs:
    haml (3.0.25)
    rack (1.2.2)
    sequel (3.22.0)
    sinatra (1.2.3)
      rack (~> 1.1)
      tilt (< 2.0, >= 1.2.2)
    sqlite3 (1.3.3)
    tilt (1.3)

PLATFORMS
  ruby

DEPENDENCIES
  haml
  sequel
  sinatra
  sqlite3
